GIT
  remote: https://github.com/deb-s3/deb-s3
  revision: d21171d5e834eb84e128a575570d0fcccfa810b7
  tag: 0.11.2
  specs:
    deb-s3 (0.11.2)
      aws-sdk-s3 (~> 1)
      thor (~> 0.19.0)

GEM
  remote: https://rubygems.org/
  specs:
    aws-eventstream (1.1.0)
    aws-partitions (1.397.0)
    aws-sdk-core (3.109.3)
      aws-eventstream (~> 1, >= 1.0.2)
      aws-partitions (~> 1, >= 1.239.0)
      aws-sigv4 (~> 1.1)
      jmespath (~> 1.0)
    aws-sdk-kms (1.39.0)
      aws-sdk-core (~> 3, >= 3.109.0)
      aws-sigv4 (~> 1.1)
    aws-sdk-s3 (1.85.0)
      aws-sdk-core (~> 3, >= 3.109.0)
      aws-sdk-kms (~> 1)
      aws-sigv4 (~> 1.1)
    aws-sigv4 (1.2.2)
      aws-eventstream (~> 1, >= 1.0.2)
    jmespath (1.4.0)
    thor (0.19.4)

PLATFORMS
  ruby

DEPENDENCIES
  deb-s3!

BUNDLED WITH
   1.17.3
